PATH
  remote: .
  specs:
    health-data-standards (2.2.1)
      activesupport (~> 3.2.9)
      builder (~> 3.0.0)
      erubis (~> 2.7.0)
      mongoid (~> 3.0.14)
      nokogiri (~> 1.5.5)
      rest-client (~> 1.6.7)
      uuid (~> 2.3.5)

GEM
  remote: http://rubygems.org/
  specs:
    activemodel (3.2.9)
      activesupport (= 3.2.9)
      builder (~> 3.0.0)
    activesupport (3.2.9)
      i18n (~> 0.6)
      multi_json (~> 1.0)
    addressable (2.3.2)
    builder (3.0.4)
    cane (2.3.0)
      parallel
    coderay (1.0.8)
    crack (0.3.1)
    erubis (2.7.0)
    factory_girl (4.1.0)
      activesupport (>= 3.0.0)
    i18n (0.6.1)
    log_switch (0.4.0)
    macaddr (1.6.1)
      systemu (~> 2.5.0)
    method_source (0.8.1)
    mime-types (1.19)
    mongoid (3.0.15)
      activemodel (~> 3.1)
      moped (~> 1.1)
      origin (~> 1.0)
      tzinfo (~> 0.3.22)
    moped (1.3.1)
    multi_json (1.3.7)
    nokogiri (1.5.6)
    origin (1.0.11)
    parallel (0.5.19)
    pry (0.9.10)
      coderay (~> 1.0.5)
      method_source (~> 0.8)
      slop (~> 3.3.1)
    pry-nav (0.2.2)
      pry (~> 0.9.10)
    rake (10.0.2)
    rest-client (1.6.7)
      mime-types (>= 1.16)
    simplecov (0.7.1)
      multi_json (~> 1.0)
      simplecov-html (~> 0.7.1)
    simplecov-html (0.7.1)
    slop (3.3.3)
    systemu (2.5.2)
    tailor (1.1.2)
      log_switch (>= 0.3.0)
      term-ansicolor (>= 1.0.5)
      text-table (>= 1.2.2)
    term-ansicolor (1.0.7)
    text-table (1.2.2)
    tzinfo (0.3.35)
    uuid (2.3.6)
      macaddr (~> 1.0)
    webmock (1.9.0)
      addressable (>= 2.2.7)
      crack (>= 0.1.7)

PLATFORMS
  ruby

DEPENDENCIES
  cane (~> 2.3.0)
  factory_girl (~> 4.1.0)
  health-data-standards!
  pry (~> 0.9.10)
  pry-nav (~> 0.2.2)
  rake
  simplecov
  tailor (~> 1.1.2)
  webmock
