PATH
  remote: .
  specs:
    health-data-standards (0.1.0)
      erubis (~> 2.7.0)
      mongoid (~> 2.3.1)
      quality-measure-engine (~> 1.0.0)
      uuid (~> 2.3.4)

GEM
  remote: http://rubygems.org/
  specs:
    activemodel (3.1.1)
      activesupport (= 3.1.1)
      builder (~> 3.0.0)
      i18n (~> 0.6)
    activesupport (3.1.1)
      multi_json (~> 1.0)
    bson (1.4.0)
    builder (3.0.0)
    coderay (0.9.8)
    erubis (2.7.0)
    i18n (0.6.0)
    json (1.4.6)
    macaddr (1.4.0)
      systemu (~> 2.2.0)
    method_source (0.6.6)
      ruby_parser (~> 2.0.5)
    mongo (1.4.0)
      bson (= 1.4.0)
    mongoid (2.3.1)
      activemodel (~> 3.1)
      mongo (~> 1.4)
      tzinfo (~> 0.3.22)
    multi_json (1.0.3)
    nokogiri (1.4.7)
    pry (0.9.6.2)
      coderay (~> 0.9.8)
      method_source (~> 0.6.5)
      ruby_parser (~> 2.0.5)
      slop (~> 2.1.0)
    quality-measure-engine (1.0.2)
      mongo (~> 1.3)
      nokogiri (~> 1.4.4)
      resque (~> 1.15.0)
      resque-status (~> 0.2.3)
      rubyzip (~> 0.9.4)
    rack (1.3.4)
    rack-protection (1.1.4)
      rack
    rake (0.9.2)
    redis (2.2.2)
    redis-namespace (1.1.0)
      redis (< 3.0.0)
    redisk (0.2.2)
      redis (>= 0.1.1)
      redis-namespace (>= 0.1.0)
    resque (1.15.0)
      json (~> 1.4.6)
      redis-namespace (>= 0.10.0)
      sinatra (>= 0.9.2)
      vegas (~> 0.1.2)
    resque-status (0.2.4)
      redisk (>= 0.2.1)
      resque (>= 1.3.1)
      uuid (>= 2.0.2)
    ruby_parser (2.0.6)
      sexp_processor (~> 3.0)
    rubyzip (0.9.4)
    sexp_processor (3.0.7)
    sinatra (1.3.1)
      rack (~> 1.3, >= 1.3.4)
      rack-protection (~> 1.1, >= 1.1.2)
      tilt (~> 1.3, >= 1.3.3)
    slop (2.1.0)
    systemu (2.2.0)
    tilt (1.3.3)
    tzinfo (0.3.30)
    uuid (2.3.4)
      macaddr (~> 1.0)
    vegas (0.1.8)
      rack (>= 1.0.0)

PLATFORMS
  ruby

DEPENDENCIES
  health-data-standards!
  pry
  rake
